GEM
  remote: https://rubygems.org/
  specs:
    asciidoctor (1.5.8)
    asciidoctor-diagram (1.5.9)
      asciidoctor (~> 1.5.0)
    asciimath (1.0.4)
    coderay (1.1.2)

PLATFORMS
  ruby

DEPENDENCIES
  asciidoctor
  asciidoctor-diagram
  asciimath
  coderay

BUNDLED WITH
   1.16.1
